PATH
  remote: .
  specs:
    pdf2html_docker (0.1.0)
      terrapin (~> 0.6.0)

GEM
  remote: https://rubygems.org/
  specs:
    climate_control (0.2.0)
    diff-lcs (1.3)
    irb (1.0.0)
    rake (13.0.1)
    rspec (3.8.0)
      rspec-core (~> 3.8.0)
      rspec-expectations (~> 3.8.0)
      rspec-mocks (~> 3.8.0)
    rspec-core (3.8.0)
      rspec-support (~> 3.8.0)
    rspec-expectations (3.8.3)
      diff-lcs (>= 1.2.0, < 2.0)
      rspec-support (~> 3.8.0)
    rspec-mocks (3.8.0)
      diff-lcs (>= 1.2.0, < 2.0)
      rspec-support (~> 3.8.0)
    rspec-support (3.8.0)
    terrapin (0.6.0)
      climate_control (>= 0.0.3, < 1.0)

PLATFORMS
  ruby

DEPENDENCIES
  bundler (~> 2.0)
  irb (~> 1.0.0)
  pdf2html_docker!
  rake (~> 13.0)
  rspec (~> 3.0)

BUNDLED WITH
   2.0.1
